GIT
  remote: https://github.com/nvoynov/clean.git
  revision: 5fc0310b18ee104d01b65bcd8977d9ff8f0c2f96
  specs:
    clean (0.2.0)

PATH
  remote: .
  specs:
    punch (0.1.1)

GEM
  remote: https://rubygems.org/
  specs:
    minitest (5.16.2)
    rake (13.0.6)

PLATFORMS
  x64-mingw32
  x86_64-linux

DEPENDENCIES
  clean (~> 0.2.0)!
  minitest (~> 5.0)
  punch!
  rake (~> 13.0)

BUNDLED WITH
   2.3.5
