GIT
  remote: https://github.com/nvoynov/clean.git
  revision: cc543e8bef231004d5743537deea5c4c63319312
  specs:
    clean (0.3.0)

PATH
  remote: .
  specs:
    punch (0.2.1)

GEM
  remote: https://rubygems.org/
  specs:
    minitest (5.16.2)
    rake (13.0.6)

PLATFORMS
  x64-mingw32
  x86_64-linux

DEPENDENCIES
  clean (~> 0.3.0)!
  minitest (~> 5.0)
  punch!
  rake (~> 13.0)

BUNDLED WITH
   2.3.5
