PATH
  remote: .
  specs:
    punch (0.6.4)

GEM
  remote: https://rubygems.org/
  specs:
    minitest (5.17.0)
    rake (13.0.6)

PLATFORMS
  x64-mingw-ucrt
  x64-mingw32
  x86_64-linux

DEPENDENCIES
  minitest (~> 5.0)
  punch!
  rake (~> 13.0)

BUNDLED WITH
   2.4.1
