GIT
  remote: https://github.com/nvoynov/sancho.git
  revision: 9313f2698fef8235adee9829b6a488ad14a85835
  specs:
    sancho (0.6.2)

PATH
  remote: .
  specs:
    punch (0.7.2)

GEM
  remote: https://rubygems.org/
  specs:
    minitest (5.22.2)
    rake (13.1.0)

PLATFORMS
  arm64-darwin-23
  x64-mingw-ucrt
  x64-mingw32
  x86_64-linux

DEPENDENCIES
  minitest (~> 5.17)
  punch!
  rake (~> 13.0)
  sancho!

BUNDLED WITH
   2.4.1
