GIT
  remote: https://github.com/nvoynov/clean.git
  revision: f9ff710733b9edbcf993a13ced1c066c64851a9e
  specs:
    clean (0.3.1)

PATH
  remote: .
  specs:
    punch (0.2.2)

GEM
  remote: https://rubygems.org/
  specs:
    minitest (5.16.2)
    rake (13.0.6)

PLATFORMS
  x64-mingw32
  x86_64-linux

DEPENDENCIES
  clean (~> 0.3.1)!
  minitest (~> 5.0)
  punch!
  rake (~> 13.0)

BUNDLED WITH
   2.3.5
