GEM
  remote: https://rubygems.org/
  specs:
    minitest (5.25.5)
    rake (13.3.0)

PLATFORMS
  arm64-darwin-24
  ruby

DEPENDENCIES
  minitest
  rake

BUNDLED WITH
   2.6.9
