PATH
  remote: .
  specs:
    punch (0.7.0)

GEM
  remote: https://rubygems.org/
  specs:
    minitest (5.17.0)
    rake (13.0.6)

PLATFORMS
  arm64-darwin-23
  x64-mingw-ucrt
  x64-mingw32
  x86_64-linux

DEPENDENCIES
  minitest (~> 5.17)
  punch!
  rake (~> 13.0)

BUNDLED WITH
   2.4.1
