GIT
  remote: https://github.com/nvoynov/clean.git
  revision: 95c614b13a25ec63b7f36f2683df84444b400162
  specs:
    clean (0.4.0)

PATH
  remote: .
  specs:
    punch (0.3.0)

GEM
  remote: https://rubygems.org/
  specs:
    minitest (5.16.2)
    rake (13.0.6)

PLATFORMS
  x64-mingw32
  x86_64-linux

DEPENDENCIES
  clean (~> 0.4.0)!
  minitest (~> 5.0)
  punch!
  rake (~> 13.0)

BUNDLED WITH
   2.3.5
